{
  "Modality": "MR",
  "MagneticFieldStrength": 3,
  "ImagingFrequency": 123.25,
  "Manufacturer": "Siemens",
  "ManufacturersModelName": "Prisma_fit",
  "InstitutionName": "Mc_Connell_Brain_Imaging_Centre",
  "InstitutionalDepartmentName": "Department",
  "InstitutionAddress": "University_Street_3801_Montreal_District_CA_H3A_2B4",
  "DeviceSerialNumber": "167017",
  "StationName": "MRC35056",
  "BodyPartExamined": "BRAIN",
  "PatientPosition": "HFS",
  "ProcedureStepDescription": "Functional_Dr.Bernhardt",
  "SoftwareVersions": "syngo_MR_E11",
  "MRAcquisitionType": "3D",
  "SeriesDescription": "mprage-0.8iso_2",
  "ProtocolName": "mprage-0.8iso_2",
  "ScanningSequence": "GR_IR",
  "SequenceVariant": "SK_SP_MP",
  "ScanOptions": "IR",
  "SequenceName": "_tfl3d1_16ns",
  "ImageType": [
    "ORIGINAL",
    "PRIMARY",
    "M",
    "ND",
    "NORM",
    "FM",
    "FIL"
  ],
  "SeriesNumber": 19,
  "AcquisitionTime": "15:52:43.770000",
  "AcquisitionNumber": 1,
  "SliceThickness": 0.8,
  "SAR": 0.050911,
  "EchoTime": 0.00314,
  "RepetitionTime": 2.3,
  "InversionTime": 0.9,
  "FlipAngle": 9,
  "PartialFourier": 1,
  "BaseResolution": 320,
  "ShimSetting": [
    336,
    -11615,
    -6420,
    389,
    13,
    -161,
    149,
    23
  ],
  "TxRefAmp": 233.945,
  "PhaseResolution": 1,
  "ReceiveCoilName": "HeadNeck_64",
  "ReceiveCoilActiveElements": "HC1-7",
  "PulseSequenceDetails": "%SiemensSeq%_tfl",
  "RefLinesPE": 32,
  "ConsistencyInfo": "N4_VE11C_LATEST_20160120",
  "PercentPhaseFOV": 100,
  "PercentSampling": 100,
  "PhaseEncodingSteps": 319,
  "AcquisitionMatrixPE": 320,
  "ReconMatrixPE": 320,
  "ParallelReductionFactorInPlane": 2,
  "PixelBandwidth": 235,
  "DwellTime": 6.6e-06,
  "InPlanePhaseEncodingDirectionDICOM": "ROW",
  "ConversionSoftware": "dcm2niix",
  "ConversionSoftwareVersion": "v1.0.20200427"
}
