{
  "Modality": "MR",
  "MagneticFieldStrength": 3,
  "ImagingFrequency": 123.26,
  "Manufacturer": "Siemens",
  "ManufacturersModelName": "MAGNETOM Prisma Fit",
  "InstitutionName": "Mc Gill University",
  "InstitutionAddress": "University Street 3801,Montreal  33MJT-T1V8T,District,CA,H3A 2B4",
  "DeviceSerialNumber": "167017",
  "StationName": "MRC35056",
  "BodyPartExamined": "BRAIN",
  "PatientPosition": "HFS",
  "ProcedureStepDescription": "Functional Dr.Bernhardt",
  "SoftwareVersions": "syngo MR XA30",
  "MRAcquisitionType": "3D",
  "SeriesDescription": "mprage-0.8iso_2",
  "ProtocolName": "mprage-0.8iso_2",
  "ScanningSequence": "GR\\IR",
  "SequenceVariant": "SK\\SP\\MP",
  "ScanOptions": "IR",
  "PulseSequenceName": "*tfl3d1_16ns",
  "ImageType": [
    "ORIGINAL",
    "PRIMARY",
    "M",
    "NONE"
  ],
  "ImageTypeText": [
    "ORIGINAL",
    "PRIMARY",
    "M",
    "NORM",
    "DIS2D",
    "FM",
    "FIL"
  ],
  "NonlinearGradientCorrection": true,
  "SeriesNumber": 16,
  "AcquisitionTime": "15:32:56.470000",
  "AcquisitionNumber": 1,
  "SliceThickness": 0.8,
  "EchoTime": 0.0031,
  "RepetitionTime": 2.3,
  "MTState": false,
  "InversionTime": 0.9,
  "FlipAngle": 9,
  "PartialFourier": 1,
  "BaseResolution": 320,
  "ShimSetting": [
    217,
    -11946,
    -6360,
    233,
    48,
    -493,
    171,
    -22
  ],
  "TxRefAmp": 252.935,
  "PhaseResolution": 1,
  "ReceiveCoilName": "HeadNeck_64",
  "ReceiveCoilActiveElements": "HC1-7;NC1,2",
  "CoilString": "HeadNeck_64",
  "PulseSequenceDetails": "%SiemensSeq%\\tfl",
  "RefLinesPE": 32,
  "CoilCombinationMethod": "Sum of Squares",
  "MatrixCoilMode": "GRAPPA",
  "PercentPhaseFOV": 100,
  "PercentSampling": 100,
  "AcquisitionMatrixPE": 320,
  "ReconMatrixPE": 320,
  "ParallelReductionFactorInPlane": 2,
  "ParallelAcquisitionTechnique": "GRAPPA",
  "AcquisitionDuration": 401.897,
  "PixelBandwidth": 240,
  "DwellTime": 6.5e-06,
  "InPlanePhaseEncodingDirectionDICOM": "ROW",
  "ConversionSoftware": "dcm2niix",
  "ConversionSoftwareVersion": "v1.0.20220720"
}
