{
  "Modality": "MR",
  "MagneticFieldStrength": 3,
  "ImagingFrequency": 123.26,
  "Manufacturer": "Siemens",
  "ManufacturersModelName": "MAGNETOM Prisma Fit",
  "InstitutionName": "Mc Gill University",
  "InstitutionAddress": "University Street 3801,Montreal  33MJT-T1V8T,District,CA,H3A 2B4",
  "DeviceSerialNumber": "167017",
  "StationName": "MRC35056",
  "BodyPartExamined": "BRAIN",
  "PatientPosition": "HFS",
  "ProcedureStepDescription": "Functional Dr.Bernhardt",
  "SoftwareVersions": "syngo MR XA30",
  "MRAcquisitionType": "3D",
  "SeriesDescription": "mprage-0.8iso_2",
  "ProtocolName": "mprage-0.8iso_2",
  "SequenceVariant": "SK\\SP\\MP",
  "ImageType": [
    "ORIGINAL",
    "PRIMARY",
    "M",
    "NONE"
  ],
  "SeriesNumber": 21,
  "AcquisitionTime": "11:49:59.217500",
  "AcquisitionNumber": 1,
  "SliceThickness": 0.8,
  "EchoTime": 0.0031,
  "RepetitionTime": 2.3,
  "MTState": false,
  "InversionTime": 0.9,
  "FlipAngle": 9,
  "ReceiveCoilActiveElements": "HC1-7;NC1,2",
  "CoilString": "HeadNeck_64",
  "PercentPhaseFOV": 100,
  "PercentSampling": 100,
  "AcquisitionMatrixPE": 320,
  "ReconMatrixPE": 320,
  "ParallelReductionFactorInPlane": 2,
  "ParallelAcquisitionTechnique": "GRAPPA",
  "PixelBandwidth": 240,
  "InPlanePhaseEncodingDirectionDICOM": "ROW",
  "ConversionSoftware": "dcm2niix",
  "ConversionSoftwareVersion": "v1.0.20211006"
}
