{
  "Modality": "MR",
  "MagneticFieldStrength": 3,
  "ImagingFrequency": 123.25,
  "Manufacturer": "Siemens",
  "ManufacturersModelName": "Prisma_fit",
  "InstitutionName": "Mc Connell Brain Imaging Centre",
  "InstitutionalDepartmentName": "Department",
  "InstitutionAddress": "University Street 3801,Montreal,District,CA,H3A 2B4",
  "DeviceSerialNumber": "167017",
  "StationName": "MRC35056",
  "BodyPartExamined": "BRAIN",
  "PatientPosition": "HFS",
  "ProcedureStepDescription": "Functional^Dr.Bernhardt",
  "SoftwareVersions": "syngo MR E11",
  "MRAcquisitionType": "3D",
  "SeriesDescription": "mprage-0.8iso_2",
  "ProtocolName": "mprage-0.8iso_2",
  "ScanningSequence": "GR\\IR",
  "SequenceVariant": "SK\\SP\\MP",
  "ScanOptions": "IR",
  "SequenceName": "*tfl3d1_16ns",
  "ImageType": [
    "ORIGINAL",
    "PRIMARY",
    "M",
    "ND",
    "NORM",
    "FM",
    "FIL"
  ],
  "SeriesNumber": 10,
  "AcquisitionTime": "11:20:18.042500",
  "AcquisitionNumber": 1,
  "SliceThickness": 0.8,
  "SAR": 0.0556371,
  "EchoTime": 0.00314,
  "RepetitionTime": 2.3,
  "SpoilingState": true,
  "InversionTime": 0.9,
  "FlipAngle": 9,
  "PartialFourier": 1,
  "BaseResolution": 320,
  "ShimSetting": [
    318,
    -11653,
    -6472,
    342,
    -1,
    -314,
    -30,
    14
  ],
  "TxRefAmp": 212.396,
  "PhaseResolution": 1,
  "ReceiveCoilName": "HeadNeck_64",
  "ReceiveCoilActiveElements": "HC1-7",
  "PulseSequenceDetails": "%SiemensSeq%\\tfl",
  "RefLinesPE": 32,
  "CoilCombinationMethod": "Sum of Squares",
  "ConsistencyInfo": "N4_VE11C_LATEST_20160120",
  "MatrixCoilMode": "GRAPPA",
  "PercentPhaseFOV": 100,
  "PercentSampling": 100,
  "PhaseEncodingSteps": 319,
  "AcquisitionMatrixPE": 320,
  "ReconMatrixPE": 320,
  "ParallelReductionFactorInPlane": 2,
  "PixelBandwidth": 235,
  "DwellTime": 6.6e-06,
  "ImageOrientationText": "Sag>Tra(-3.5)>Cor(0.5)",
  "InPlanePhaseEncodingDirectionDICOM": "ROW",
  "ConversionSoftware": "dcm2niix",
  "ConversionSoftwareVersion": "v1.0.20211006"
}
